GIT
  remote: git://github.com/igrigorik/em-synchrony.git
  revision: 44c3cea84baf13a29f03ddb15c5040ec7703506f
  specs:
    em-synchrony (1.0.3)
      eventmachine (>= 1.0.0.beta.1)

GIT
  remote: git://github.com/leftbee/em-postgresql-adapter.git
  revision: 3dfcc60378e961fca48dd4dcdc930a368a5d052d
  specs:
    em-postgresql-adapter (0.3)
      activerecord (>= 3.1.0)
      eventmachine
      pg (>= 0.8.0)

GEM
  remote: https://rubygems.org/
  specs:
    activemodel (3.2.12)
      activesupport (= 3.2.12)
      builder (~> 3.0.0)
    activerecord (3.2.12)
      activemodel (= 3.2.12)
      activesupport (= 3.2.12)
      arel (~> 3.0.2)
      tzinfo (~> 0.3.29)
    activesupport (3.2.12)
      i18n (~> 0.6)
      multi_json (~> 1.0)
    arel (3.0.2)
    async-rack (0.5.1)
      rack (~> 1.1)
    backports (2.6.7)
    builder (3.0.4)
    descendants_tracker (0.0.1)
    em-websocket (0.5.0)
      eventmachine (>= 0.12.9)
      http_parser.rb (~> 0.5.3)
    eventmachine (1.0.3)
    goliath (1.0.1)
      async-rack
      em-synchrony (>= 1.0.0)
      em-websocket
      eventmachine (>= 1.0.0.beta.4)
      http_parser.rb (= 0.5.3)
      log4r
      multi_json
      rack (>= 1.2.2)
      rack-contrib
      rack-respond_to
    grape (0.4.1)
      activesupport
      builder
      hashie (>= 1.2.0)
      multi_json (>= 1.3.2)
      multi_xml (>= 0.5.2)
      rack (>= 1.3.0)
      rack-accept
      rack-mount
      virtus
    grape-rabl (0.2.0)
      grape (~> 0.3)
      i18n
      rabl
      tilt
    hashie (2.0.3)
    http_parser.rb (0.5.3)
    i18n (0.6.4)
    log4r (1.1.10)
    multi_json (1.7.2)
    multi_xml (0.5.3)
    oj (2.0.10)
    pg (0.15.1)
    rabl (0.8.3)
      activesupport (>= 2.3.14)
    rack (1.5.2)
    rack-accept (0.4.5)
      rack (>= 0.4)
    rack-accept-media-types (0.9)
    rack-contrib (1.1.0)
      rack (>= 0.9.1)
    rack-cors (0.2.7)
      rack
    rack-fiber_pool (0.9.3)
    rack-mount (0.8.3)
      rack (>= 1.0.0)
    rack-respond_to (0.9.8)
      rack-accept-media-types (>= 0.6)
    tilt (1.3.7)
    tzinfo (0.3.37)
    virtus (0.5.4)
      backports (~> 2.6.1)
      descendants_tracker (~> 0.0.1)

PLATFORMS
  ruby

DEPENDENCIES
  em-postgresql-adapter!
  em-synchrony!
  goliath
  grape
  grape-rabl
  oj
  pg
  rack-cors
  rack-fiber_pool
